STORAGE: NONE
RESTRICTION: == net9.0
NUGET
  remote: https://api.nuget.org/v3/index.json
    FSharp.Core (9.0.100)

GROUP Build
STORAGE: NONE
RESTRICTION: == net9.0
NUGET
  remote: https://api.nuget.org/v3/index.json
    Fake.Core.CommandLineParsing (6.1.3)
      FParsec (>= 1.1.1)
      FSharp.Core (>= 8.0.301)
    Fake.Core.Context (6.1.3)
      FSharp.Core (>= 8.0.301)
    Fake.Core.Environment (6.1.3)
      FSharp.Core (>= 8.0.301)
    Fake.Core.FakeVar (6.1.3)
      Fake.Core.Context (>= 6.1.3)
      FSharp.Core (>= 8.0.301)
    Fake.Core.Process (6.1.3)
      Fake.Core.Environment (>= 6.1.3)
      Fake.Core.FakeVar (>= 6.1.3)
      Fake.Core.String (>= 6.1.3)
      Fake.Core.Trace (>= 6.1.3)
      Fake.IO.FileSystem (>= 6.1.3)
      FSharp.Core (>= 8.0.301)
      System.Collections.Immutable (>= 8.0)
    Fake.Core.String (6.1.3)
      FSharp.Core (>= 8.0.301)
    Fake.Core.Target (6.1.3)
      Fake.Core.CommandLineParsing (>= 6.1.3)
      Fake.Core.Context (>= 6.1.3)
      Fake.Core.Environment (>= 6.1.3)
      Fake.Core.FakeVar (>= 6.1.3)
      Fake.Core.Process (>= 6.1.3)
      Fake.Core.String (>= 6.1.3)
      Fake.Core.Trace (>= 6.1.3)
      FSharp.Control.Reactive (>= 5.0.2)
      FSharp.Core (>= 8.0.301)
    Fake.Core.Trace (6.1.3)
      Fake.Core.Environment (>= 6.1.3)
      Fake.Core.FakeVar (>= 6.1.3)
      FSharp.Core (>= 8.0.301)
    Fake.IO.FileSystem (6.1.3)
      Fake.Core.String (>= 6.1.3)
      Fake.Core.Trace (>= 6.1.3)
      FSharp.Core (>= 8.0.301)
    FParsec (1.1.1)
      FSharp.Core (>= 4.3.4)
    FSharp.Control.Reactive (5.0.5)
      FSharp.Core (>= 4.7.2)
      System.Reactive (>= 5.0 < 6.0)
    FSharp.Core (9.0.100)
    System.Collections.Immutable (9.0)
    System.Reactive (5.0)

GROUP Client
STORAGE: NONE
RESTRICTION: == net9.0
NUGET
  remote: https://api.nuget.org/v3/index.json
    Fable.AST (4.5)
    Fable.Browser.Blob (1.4)
      Fable.Core (>= 3.2.8)
      FSharp.Core (>= 4.7.2)
    Fable.Browser.Dom (2.18)
      Fable.Browser.Blob (>= 1.4)
      Fable.Browser.Event (>= 1.7)
      Fable.Browser.WebStorage (>= 1.3)
      Fable.Core (>= 3.2.8)
      FSharp.Core (>= 4.7.2)
    Fable.Browser.Event (1.7)
      Fable.Browser.Gamepad (>= 1.3)
      Fable.Core (>= 3.2.8)
      FSharp.Core (>= 4.7.2)
    Fable.Browser.Gamepad (1.3)
      Fable.Core (>= 3.2.8)
      FSharp.Core (>= 4.7.2)
    Fable.Browser.WebStorage (1.3)
      Fable.Browser.Event (>= 1.6)
      Fable.Core (>= 3.2.8)
      FSharp.Core (>= 4.7.2)
    Fable.Browser.XMLHttpRequest (1.4)
      Fable.Browser.Blob (>= 1.4)
      Fable.Browser.Event (>= 1.6)
      Fable.Core (>= 3.2.8)
      FSharp.Core (>= 4.7.2)
    Fable.Core (4.3)
    Fable.Elmish (4.2)
      Fable.Core (>= 3.7.1)
      FSharp.Core (>= 4.7.2)
    Fable.Elmish.React (4.0)
      Fable.Elmish (>= 4.0)
      Fable.ReactDom.Types (>= 18.0)
      FSharp.Core (>= 4.7.2)
    Fable.Parsimmon (4.1)
      Fable.Core (>= 3.0)
      FSharp.Core (>= 4.6.2)
    Fable.React.Types (18.4)
      Fable.Browser.Dom (>= 2.4.4)
      Fable.Core (>= 3.2.7)
      FSharp.Core (>= 4.7.2)
    Fable.React.UseElmish (1.0.0-beta-001)
      Fable.Elmish (>= 4.0.0-beta-5)
      FSharp.Core (>= 4.7.2)
    Fable.ReactDom.Types (18.2)
      Fable.React.Types (>= 18.3)
      FSharp.Core (>= 4.7.2)
    Fable.Remoting.Client (7.32)
      Fable.Browser.XMLHttpRequest (>= 1.0)
      Fable.Core (>= 3.1.5)
      Fable.Remoting.MsgPack (>= 1.24)
      Fable.SimpleJson (>= 3.24)
      FSharp.Core (>= 4.7.2)
    Fable.Remoting.MsgPack (1.24)
      FSharp.Core (>= 4.7.2)
    Fable.SimpleHttp (3.6)
      Fable.Browser.Dom (>= 1.0)
      Fable.Browser.XMLHttpRequest (>= 1.1)
      Fable.Core (>= 3.0)
      FSharp.Core (>= 4.6.2)
    Fable.SimpleJson (3.24)
      Fable.Core (>= 3.1.5)
      Fable.Parsimmon (>= 4.0)
      FSharp.Core (>= 4.7)
    Feliz (2.9)
      Fable.ReactDom.Types (>= 18.2)
      Feliz.CompilerPlugins (>= 2.2)
      FSharp.Core (>= 4.7.2)
    Feliz.CompilerPlugins (2.2)
      Fable.AST (>= 4.2.1)
      FSharp.Core (>= 4.7.2)
    Feliz.Router (4.0)
      Fable.Elmish (>= 4.0)
      Feliz (>= 2.3)
      FSharp.Core (>= 4.7.2)
    FSharp.Core (9.0.100)

GROUP Informedica.PICE.Lib
STORAGE: NONE
RESTRICTION: == net9.0
NUGET
  remote: https://api.nuget.org/v3/index.json
    Azure.Core (1.44.1)
      Microsoft.Bcl.AsyncInterfaces (>= 6.0)
      System.ClientModel (>= 1.1)
      System.Diagnostics.DiagnosticSource (>= 6.0.1)
      System.Memory.Data (>= 6.0)
      System.Numerics.Vectors (>= 4.5)
      System.Text.Encodings.Web (>= 6.0)
      System.Text.Json (>= 6.0.10)
      System.Threading.Tasks.Extensions (>= 4.5.4)
    Azure.Identity (1.13.1)
      Azure.Core (>= 1.44.1)
      Microsoft.Identity.Client (>= 4.66.1)
      Microsoft.Identity.Client.Extensions.Msal (>= 4.66.1)
      System.Memory (>= 4.5.5)
      System.Text.Json (>= 6.0.10)
      System.Threading.Tasks.Extensions (>= 4.5.4)
    ExcelDataReader (3.7)
    ExcelDataReader.DataSet (3.7)
      ExcelDataReader (>= 3.7)
    ExcelProvider (3.0)
      ExcelDataReader (>= 3.7)
      ExcelDataReader.DataSet (>= 3.7)
      FSharp.Core (>= 6.0.7)
      System.Text.Encoding.CodePages (>= 6.0)
    FSharp.Core (9.0.100)
    Markdig (0.39.1)
    Microsoft.Bcl.AsyncInterfaces (9.0)
    Microsoft.Data.SqlClient (5.2.2)
      Azure.Identity (>= 1.11.4)
      Microsoft.Data.SqlClient.SNI.runtime (>= 5.2)
      Microsoft.Identity.Client (>= 4.61.3)
      Microsoft.IdentityModel.JsonWebTokens (>= 6.35)
      Microsoft.IdentityModel.Protocols.OpenIdConnect (>= 6.35)
      Microsoft.SqlServer.Server (>= 1.0)
      System.Configuration.ConfigurationManager (>= 8.0)
      System.Runtime.Caching (>= 8.0)
    Microsoft.Data.SqlClient.SNI.runtime (5.2)
    Microsoft.Identity.Client (4.66.2)
      Microsoft.IdentityModel.Abstractions (>= 6.35)
      System.Diagnostics.DiagnosticSource (>= 6.0.1)
    Microsoft.Identity.Client.Extensions.Msal (4.66.2)
      Microsoft.Identity.Client (>= 4.66.2)
      System.Security.Cryptography.ProtectedData (>= 4.5)
    Microsoft.IdentityModel.Abstractions (8.3)
    Microsoft.IdentityModel.JsonWebTokens (8.3)
      Microsoft.IdentityModel.Tokens (>= 8.3)
    Microsoft.IdentityModel.Logging (8.3)
      Microsoft.IdentityModel.Abstractions (>= 8.3)
    Microsoft.IdentityModel.Protocols (8.3)
      Microsoft.IdentityModel.Tokens (>= 8.3)
    Microsoft.IdentityModel.Protocols.OpenIdConnect (8.3)
      Microsoft.IdentityModel.Protocols (>= 8.3)
      System.IdentityModel.Tokens.Jwt (>= 8.3)
    Microsoft.IdentityModel.Tokens (8.3)
      Microsoft.IdentityModel.Logging (>= 8.3)
    Microsoft.SqlServer.Server (1.0)
    Newtonsoft.Json (13.0.3)
    System.ClientModel (1.2.1)
      System.Memory.Data (>= 6.0)
      System.Text.Json (>= 6.0.10)
    System.Configuration.ConfigurationManager (9.0)
      System.Diagnostics.EventLog (>= 9.0)
      System.Security.Cryptography.ProtectedData (>= 9.0)
    System.Diagnostics.DiagnosticSource (9.0)
    System.Diagnostics.EventLog (9.0)
    System.IdentityModel.Tokens.Jwt (8.3)
      Microsoft.IdentityModel.JsonWebTokens (>= 8.3)
      Microsoft.IdentityModel.Tokens (>= 8.3)
    System.Memory (4.6)
    System.Memory.Data (9.0)
    System.Numerics.Vectors (4.6)
    System.Runtime.Caching (9.0)
      System.Configuration.ConfigurationManager (>= 9.0)
    System.Security.Cryptography.ProtectedData (9.0)
    System.Text.Encoding.CodePages (9.0)
    System.Text.Encodings.Web (9.0)
    System.Text.Json (9.0)
    System.Threading.Tasks.Extensions (4.6)

GROUP Informedica.Utils.Lib
STORAGE: NONE
RESTRICTION: == net9.0
NUGET
  remote: https://api.nuget.org/v3/index.json
    FSharp.Core (9.0.100)
    MathNet.Numerics (5.0)
    MathNet.Numerics.FSharp (5.0)
      FSharp.Core (>= 6.0.2)
      MathNet.Numerics (>= 5.0)
    Newtonsoft.Json (13.0.3)
    Unquote (7.0.1)
      FSharp.Core (>= 6.0)

GROUP Server
STORAGE: NONE
RESTRICTION: == net9.0
NUGET
  remote: https://api.nuget.org/v3/index.json
    Fable.Remoting.Giraffe (5.21)
      Fable.Remoting.Server (>= 5.39)
      FSharp.Core (>= 6.0)
      Giraffe (>= 5.0)
      Microsoft.IO.RecyclableMemoryStream (>= 3.0 < 4.0)
    Fable.Remoting.Json (2.25)
      FSharp.Core (>= 6.0)
      Newtonsoft.Json (>= 13.0.3)
    Fable.Remoting.MsgPack (1.24)
      FSharp.Core (>= 4.7.2)
    Fable.Remoting.Server (5.39)
      Fable.Remoting.Json (>= 2.25)
      Fable.Remoting.MsgPack (>= 1.24)
      FSharp.Core (>= 6.0)
      Microsoft.IO.RecyclableMemoryStream (>= 3.0 < 4.0)
    FSharp.Control.Websockets (0.3)
      FSharp.Core (>= 6.0)
      Microsoft.IO.RecyclableMemoryStream (>= 3.0)
    FSharp.Core (9.0.100)
    FSharp.SystemTextJson (1.3.13)
      FSharp.Core (>= 4.7)
      System.Text.Json (>= 6.0)
    Giraffe (7.0.2)
      FSharp.Core (>= 6.0)
      FSharp.SystemTextJson (>= 1.3.13)
      Giraffe.ViewEngine (>= 1.4)
      Microsoft.IO.RecyclableMemoryStream (>= 3.0.1)
      System.Text.Json (>= 8.0.5)
    Giraffe.ViewEngine (1.4)
      FSharp.Core (>= 5.0)
    Microsoft.AspNetCore.Authentication.JwtBearer (9.0)
      Microsoft.IdentityModel.Protocols.OpenIdConnect (>= 8.0.1)
    Microsoft.Extensions.Configuration.Abstractions (9.0)
      Microsoft.Extensions.Primitives (>= 9.0)
    Microsoft.Extensions.Configuration.Binder (9.0)
      Microsoft.Extensions.Configuration.Abstractions (>= 9.0)
    Microsoft.Extensions.DependencyInjection (9.0)
      Microsoft.Extensions.DependencyInjection.Abstractions (>= 9.0)
    Microsoft.Extensions.DependencyInjection.Abstractions (9.0)
    Microsoft.Extensions.DependencyModel (9.0)
    Microsoft.Extensions.Diagnostics.Abstractions (9.0)
      Microsoft.Extensions.DependencyInjection.Abstractions (>= 9.0)
      Microsoft.Extensions.Options (>= 9.0)
    Microsoft.Extensions.FileProviders.Abstractions (9.0)
      Microsoft.Extensions.Primitives (>= 9.0)
    Microsoft.Extensions.Hosting.Abstractions (9.0)
      Microsoft.Extensions.Configuration.Abstractions (>= 9.0)
      Microsoft.Extensions.DependencyInjection.Abstractions (>= 9.0)
      Microsoft.Extensions.Diagnostics.Abstractions (>= 9.0)
      Microsoft.Extensions.FileProviders.Abstractions (>= 9.0)
      Microsoft.Extensions.Logging.Abstractions (>= 9.0)
    Microsoft.Extensions.Logging (9.0)
      Microsoft.Extensions.DependencyInjection (>= 9.0)
      Microsoft.Extensions.Logging.Abstractions (>= 9.0)
      Microsoft.Extensions.Options (>= 9.0)
    Microsoft.Extensions.Logging.Abstractions (9.0)
      Microsoft.Extensions.DependencyInjection.Abstractions (>= 9.0)
    Microsoft.Extensions.Options (9.0)
      Microsoft.Extensions.DependencyInjection.Abstractions (>= 9.0)
      Microsoft.Extensions.Primitives (>= 9.0)
    Microsoft.Extensions.Primitives (9.0)
    Microsoft.IdentityModel.Abstractions (8.3)
    Microsoft.IdentityModel.JsonWebTokens (8.3)
      Microsoft.IdentityModel.Tokens (>= 8.3)
    Microsoft.IdentityModel.Logging (8.3)
      Microsoft.IdentityModel.Abstractions (>= 8.3)
    Microsoft.IdentityModel.Protocols (8.3)
      Microsoft.IdentityModel.Tokens (>= 8.3)
    Microsoft.IdentityModel.Protocols.OpenIdConnect (8.3)
      Microsoft.IdentityModel.Protocols (>= 8.3)
      System.IdentityModel.Tokens.Jwt (>= 8.3)
    Microsoft.IdentityModel.Tokens (8.3)
      Microsoft.IdentityModel.Logging (>= 8.3)
    Microsoft.IO.RecyclableMemoryStream (3.0.1)
    Newtonsoft.Json (13.0.3)
    Saturn (0.17)
      FSharp.Control.Websockets (>= 0.2.2)
      Giraffe (>= 6.4)
      Microsoft.AspNetCore.Authentication.JwtBearer (>= 6.0.3)
    Serilog (4.2)
    Serilog.AspNetCore (9.0)
      Serilog (>= 4.2)
      Serilog.Extensions.Hosting (>= 9.0)
      Serilog.Formatting.Compact (>= 3.0)
      Serilog.Settings.Configuration (>= 9.0)
      Serilog.Sinks.Console (>= 6.0)
      Serilog.Sinks.Debug (>= 3.0)
      Serilog.Sinks.File (>= 6.0)
    Serilog.Extensions.Hosting (9.0)
      Microsoft.Extensions.DependencyInjection.Abstractions (>= 9.0)
      Microsoft.Extensions.Hosting.Abstractions (>= 9.0)
      Microsoft.Extensions.Logging.Abstractions (>= 9.0)
      Serilog (>= 4.2)
      Serilog.Extensions.Logging (>= 9.0)
    Serilog.Extensions.Logging (9.0)
      Microsoft.Extensions.Logging (>= 9.0)
      Serilog (>= 4.2)
    Serilog.Formatting.Compact (3.0)
      Serilog (>= 4.0)
    Serilog.Settings.Configuration (9.0)
      Microsoft.Extensions.Configuration.Binder (>= 9.0)
      Microsoft.Extensions.DependencyModel (>= 9.0)
      Serilog (>= 4.2)
    Serilog.Sinks.Console (6.0)
      Serilog (>= 4.0)
    Serilog.Sinks.Debug (3.0)
      Serilog (>= 4.0)
    Serilog.Sinks.File (6.0)
      Serilog (>= 4.0)
    System.IdentityModel.Tokens.Jwt (8.3)
      Microsoft.IdentityModel.JsonWebTokens (>= 8.3)
      Microsoft.IdentityModel.Tokens (>= 8.3)
    System.Text.Json (9.0)
